GEM
  remote: https://rubygems.org/
  specs:
    concurrent-ruby (1.0.2)
    rack (1.6.4)
    rack-protection (1.5.3)
      rack
    sinatra (1.4.7)
      rack (~> 1.5)
      rack-protection (~> 1.4)
      tilt (>= 1.3, < 3)
    sprockets (3.7.0)
      concurrent-ruby (~> 1.0)
      rack (> 1, < 3)
    tilt (2.0.5)

PLATFORMS
  ruby

DEPENDENCIES
  sinatra
  sprockets

BUNDLED WITH
   1.13.1
